GIT
  remote: git://github.com/neilgupta/cleverbot-api.git
  revision: 596d4adbde4f67c36bd5d430acea0ad063f7ee6a
  specs:
    cleverbot-api (0.0.4)
      rest-client

GEM
  remote: https://rubygems.org/
  specs:
    eventmachine (1.0.4)
    faye-websocket (0.9.2)
      eventmachine (>= 0.12.0)
      websocket-driver (>= 0.5.1)
    ffi (1.9.6-x64-mingw32)
    ffi (1.9.6-x86-mingw32)
    mime-types (2.4.3)
    mini_portile (0.6.2)
    netrc (0.7.7)
    nokogiri (1.6.5-x64-mingw32)
      mini_portile (~> 0.6.0)
    nokogiri (1.6.5-x86-mingw32)
      mini_portile (~> 0.6.0)
    rest-client (1.7.3-x64-mingw32)
      ffi (~> 1.9)
      mime-types (>= 1.16, < 3.0)
      netrc (~> 0.7)
    rest-client (1.7.3-x86-mingw32)
      ffi (~> 1.9)
      mime-types (>= 1.16, < 3.0)
      netrc (~> 0.7)
    rest_client (1.8.2)
      netrc (~> 0.7.7)
    websocket-driver (0.5.1)
      websocket-extensions (>= 0.1.0)
    websocket-extensions (0.1.1)

PLATFORMS
  x64-mingw32
  x86-mingw32

DEPENDENCIES
  cleverbot-api!
  eventmachine
  faye-websocket
  nokogiri
  rest_client
