GIT
  remote: git://github.com/neilgupta/cleverbot-api.git
  revision: 596d4adbde4f67c36bd5d430acea0ad063f7ee6a
  specs:
    cleverbot-api (0.0.4)
      rest-client

GEM
  remote: https://rubygems.org/
  specs:
    activesupport (4.2.3)
      i18n (~> 0.7)
      json (~> 1.7, >= 1.7.7)
      minitest (~> 5.1)
      thread_safe (~> 0.3, >= 0.3.4)
      tzinfo (~> 1.1)
    byebug (4.0.5)
      columnize (= 0.9.0)
    cleverbot (0.2.0)
      httparty (>= 0.8.1, < 1.0)
    columnize (0.9.0)
    domain_name (0.5.24)
      unf (>= 0.0.5, < 1.0.0)
    eventmachine (1.0.7)
    faraday (0.9.1)
      multipart-post (>= 1.2, < 3)
    faye-websocket (0.9.2)
      eventmachine (>= 0.12.0)
      websocket-driver (>= 0.5.1)
    ffi (1.9.8-x64-mingw32)
    http-cookie (1.0.2)
      domain_name (~> 0.5)
    httparty (0.13.5)
      json (~> 1.8)
      multi_xml (>= 0.5.2)
    hyoka (0.0.5)
      httparty
    i18n (0.7.0)
    json (1.8.3)
    mime-types (2.6.1)
    mini_portile (0.6.2)
    minitest (5.7.0)
    multi_xml (0.5.5)
    multipart-post (2.0.0)
    netrc (0.10.3)
    nokogiri (1.6.6.2-x64-mingw32)
      mini_portile (~> 0.6.0)
    rest-client (1.8.0-x64-mingw32)
      ffi (~> 1.9)
      http-cookie (>= 1.0.2, < 2.0)
      mime-types (>= 1.16, < 3.0)
      netrc (~> 0.7)
    thread_safe (0.3.5)
    time-lord (1.0.1)
    time_diff (0.3.0)
      activesupport
      i18n
    tzinfo (1.2.2)
      thread_safe (~> 0.1)
    unf (0.1.4)
      unf_ext
    unf_ext (0.0.7.1-x64-mingw32)
    websocket-driver (0.5.4)
      websocket-extensions (>= 0.1.0)
    websocket-extensions (0.1.2)

PLATFORMS
  x64-mingw32

DEPENDENCIES
  byebug
  cleverbot
  cleverbot-api!
  eventmachine
  faraday
  faye-websocket
  hyoka
  nokogiri
  time-lord
  time_diff
