GIT
  remote: git://github.com/neilgupta/cleverbot-api.git
  revision: 596d4adbde4f67c36bd5d430acea0ad063f7ee6a
  specs:
    cleverbot-api (0.0.4)
      rest-client

GEM
  remote: https://rubygems.org/
  specs:
    domain_name (0.5.24)
      unf (>= 0.0.5, < 1.0.0)
    eventmachine (1.0.7)
    faye-websocket (0.9.2)
      eventmachine (>= 0.12.0)
      websocket-driver (>= 0.5.1)
    ffi (1.9.8-x64-mingw32)
    http-cookie (1.0.2)
      domain_name (~> 0.5)
    mime-types (2.5)
    mini_portile (0.6.2)
    netrc (0.10.3)
    nokogiri (1.6.6.2-x64-mingw32)
      mini_portile (~> 0.6.0)
    rest-client (1.8.0-x64-mingw32)
      ffi (~> 1.9)
      http-cookie (>= 1.0.2, < 2.0)
      mime-types (>= 1.16, < 3.0)
      netrc (~> 0.7)
    unf (0.1.4)
      unf_ext
    unf_ext (0.0.7.1-x64-mingw32)
    websocket-driver (0.5.4)
      websocket-extensions (>= 0.1.0)
    websocket-extensions (0.1.2)

PLATFORMS
  x64-mingw32

DEPENDENCIES
  cleverbot-api!
  eventmachine
  faye-websocket
  nokogiri
  rest-client
