GEM
  remote: https://rubygems.org/
  specs:
    cleverbot-api (0.0.4)
    eventmachine (1.0.4)
    faye-websocket (0.9.2)
      eventmachine (>= 0.12.0)
      websocket-driver (>= 0.5.1)
    mini_portile (0.6.2)
    netrc (0.7.7)
    nokogiri (1.6.5-x64-mingw32)
      mini_portile (~> 0.6.0)
    nokogiri (1.6.5-x86-mingw32)
      mini_portile (~> 0.6.0)
    rest_client (1.8.2)
      netrc (~> 0.7.7)
    websocket-driver (0.5.1)
      websocket-extensions (>= 0.1.0)
    websocket-extensions (0.1.1)

PLATFORMS
  x64-mingw32
  x86-mingw32

DEPENDENCIES
  cleverbot-api
  eventmachine
  faye-websocket
  nokogiri
  rest_client
